GEM
  remote: http://rubygems.org/
  specs:
    chunky_png (1.2.7)
    compass (0.12.2)
      chunky_png (~> 1.2)
      fssm (>= 0.2.7)
      sass (~> 3.1)
    compass-normalize (1.4.3)
      compass (>= 0.12.0)
    em-websocket (0.5.0)
      eventmachine (>= 0.12.9)
      http_parser.rb (~> 0.5.3)
    eventmachine (1.0.3)
    ffi (1.4.0)
    fssm (0.2.10)
    guard (1.0.3)
      ffi (>= 0.5.0)
      thor (>= 0.14.6)
    guard-livereload (0.4.2)
      em-websocket (>= 0.2.0)
      guard (>= 0.10.0)
      multi_json (~> 1.0)
    guard-shell (0.4.0)
      guard (>= 0.2.0)
    haml (3.1.8)
    http_parser.rb (0.5.3)
    maruku (0.6.1)
      syntax (>= 1.0.0)
    multi_json (1.7.0)
    rake (10.0.3)
    sass (3.2.7)
    syntax (1.0.0)
    thor (0.17.0)
    tilt (1.3.5)

PLATFORMS
  ruby

DEPENDENCIES
  compass (~> 0.12.1)
  compass-normalize
  guard (~> 1.0.0)
  guard-livereload
  guard-shell
  haml (~> 3.1.4)
  maruku
  rake
  sass (~> 3.2.0)
  tilt (~> 1.3.3)
